GEM
  remote: http://rubygems.org/
  specs:
    addressable (2.4.0)
    ansi (1.5.0)
    awesome_print (1.8.0)
    bson (3.2.7)
    builder (3.2.4)
    coderay (1.1.2)
    daemons (1.3.1)
    descendants_tracker (0.0.4)
      thread_safe (~> 0.3, >= 0.3.1)
    diff-lcs (1.3)
    docker-api (1.34.2)
      excon (>= 0.47.0)
      multi_json
    eventmachine (1.2.7)
    excon (0.71.0)
    faraday (0.9.2)
      multipart-post (>= 1.2, < 3)
    fuubar (2.5.0)
      rspec-core (~> 3.0)
      ruby-progressbar (~> 1.4)
    git (1.5.0)
    github_api (0.16.0)
      addressable (~> 2.4.0)
      descendants_tracker (~> 0.0.4)
      faraday (~> 0.8, < 0.10)
      hashie (>= 3.4)
      mime-types (>= 1.16, < 3.0)
      oauth2 (~> 1.0)
    hashie (4.0.0)
    highline (2.0.3)
    jeweler (2.3.9)
      builder
      bundler
      git (>= 1.2.5)
      github_api (~> 0.16.0)
      highline (>= 1.6.15)
      nokogiri (>= 1.5.10)
      psych
      rake
      rdoc
      semver2
    jwt (2.2.1)
    method_source (0.9.2)
    mime-types (2.99.3)
    mini_portile2 (2.4.0)
    mongo (2.1.2)
      bson (~> 3.0)
    mqtt (0.5.0)
    multi_json (1.14.1)
    multi_xml (0.6.0)
    multipart-post (2.1.1)
    nokogiri (1.10.7)
      mini_portile2 (~> 2.4.0)
    nutella_lib (0.5.0)
      ansi (~> 1.5, >= 1.5)
      mongo (~> 2.0)
      mqtt (~> 0.5, >= 0.5)
    oauth2 (1.4.2)
      faraday (>= 0.8, < 2.0)
      jwt (>= 1.0, < 3.0)
      multi_json (~> 1.3)
      multi_xml (~> 0.5)
      rack (>= 1.2, < 3)
    pry (0.12.2)
      coderay (~> 1.1.0)
      method_source (~> 0.9.0)
    psych (3.1.0)
    rack (1.6.11)
    rack-protection (1.5.5)
      rack
    rake (13.0.1)
    rdoc (4.3.0)
    rspec (3.9.0)
      rspec-core (~> 3.9.0)
      rspec-expectations (~> 3.9.0)
      rspec-mocks (~> 3.9.0)
    rspec-core (3.9.0)
      rspec-support (~> 3.9.0)
    rspec-expectations (3.9.0)
      diff-lcs (>= 1.2.0, < 2.0)
      rspec-support (~> 3.9.0)
    rspec-mocks (3.9.0)
      diff-lcs (>= 1.2.0, < 2.0)
      rspec-support (~> 3.9.0)
    rspec-support (3.9.0)
    ruby-progressbar (1.10.1)
    semantic (1.6.1)
    semver2 (3.4.2)
    sinatra (1.4.8)
      rack (~> 1.5)
      rack-protection (~> 1.4)
      tilt (>= 1.3, < 3)
    sinatra-cross_origin (0.3.2)
    thin (1.7.2)
      daemons (~> 1.0, >= 1.0.9)
      eventmachine (~> 1.0, >= 1.0.4)
      rack (>= 1, < 3)
    thread_safe (0.3.6)
    tilt (2.0.10)
    yard (0.9.20)

PLATFORMS
  ruby

DEPENDENCIES
  ansi (~> 1.5)
  awesome_print (~> 1.8)
  bson (~> 3.0)
  bundler (~> 2.0)
  docker-api (~> 1.34)
  fuubar (~> 2.4)
  git (~> 1.2)
  jeweler (~> 2.3)
  nokogiri (~> 1.6)
  nutella_lib (~> 0.5)
  pry (~> 0.12.2)
  rake
  rdoc (~> 4.0)
  rspec (~> 3.8)
  semantic (~> 1.4)
  sinatra (~> 1.4)
  sinatra-cross_origin (~> 0.3.2)
  thin (~> 1.6)
  yard (~> 0.9.11)

RUBY VERSION
   ruby 2.3.8p459

BUNDLED WITH
   2.0.2
